PATH
  remote: .
  specs:
    yts-ruby (0.1.0)

GEM
  remote: https://rubygems.org/
  specs:
    httparty (0.13.5)
      json (~> 1.8)
      multi_xml (>= 0.5.2)
    json (1.8.6)
    mini_portile2 (2.1.0)
    multi_xml (0.6.0)
    nokogiri (1.7.1)
      mini_portile2 (~> 2.1.0)

PLATFORMS
  ruby

DEPENDENCIES
  httparty (~> 0, = 0.13.5)
  nokogiri
  yts-ruby!

BUNDLED WITH
   1.14.6
